GEM
  remote: https://rubygems.org/
  specs:
    ruby_figlet (0.6.1)

PLATFORMS
  ruby

DEPENDENCIES
  ruby_figlet (~> 0.6.1)

RUBY VERSION
   ruby 2.7.2p137

BUNDLED WITH
   2.1.4
